PATH
  remote: .
  specs:
    dicom (0.8.2g)
      activesupport (>= 3.0)
      bundler (>= 1.0.0)
      i18n

GEM
  remote: http://rubygems.org/
  specs:
    activesupport (3.0.3)
    diff-lcs (1.1.2)
    i18n (0.5.0)
    mocha (0.9.8)
      rake
    rake (0.8.7)
    rspec (2.4.0)
      rspec-core (~> 2.4.0)
      rspec-expectations (~> 2.4.0)
      rspec-mocks (~> 2.4.0)
    rspec-core (2.4.0)
    rspec-expectations (2.4.0)
      diff-lcs (~> 1.1.2)
    rspec-mocks (2.4.0)

PLATFORMS
  ruby

DEPENDENCIES
  activesupport (>= 3.0)
  bundler (>= 1.0.0)
  dicom!
  i18n
  mocha
  rspec (>= 2.1.0)
